GEM
  remote: https://rubygems.org/
  specs:
    actioncable (5.2.4.1)
      actionpack (= 5.2.4.1)
      nio4r (~> 2.0)
      websocket-driver (>= 0.6.1)
    actionmailer (5.2.4.1)
      actionpack (= 5.2.4.1)
      actionview (= 5.2.4.1)
      activejob (= 5.2.4.1)
      mail (~> 2.5, >= 2.5.4)
      rails-dom-testing (~> 2.0)
    actionpack (5.2.4.1)
      actionview (= 5.2.4.1)
      activesupport (= 5.2.4.1)
      rack (~> 2.0, >= 2.0.8)
      rack-test (>= 0.6.3)
      rails-dom-testing (~> 2.0)
      rails-html-sanitizer (~> 1.0, >= 1.0.2)
    actionview (5.2.4.1)
      activesupport (= 5.2.4.1)
      builder (~> 3.1)
      erubi (~> 1.4)
      rails-dom-testing (~> 2.0)
      rails-html-sanitizer (~> 1.0, >= 1.0.3)
    actionview-encoded_mail_to (1.0.9)
      rails
    activejob (5.2.4.1)
      activesupport (= 5.2.4.1)
      globalid (>= 0.3.6)
    activemodel (5.2.4.1)
      activesupport (= 5.2.4.1)
    activerecord (5.2.4.1)
      activemodel (= 5.2.4.1)
      activesupport (= 5.2.4.1)
      arel (>= 9.0)
    activestorage (5.2.4.1)
      actionpack (= 5.2.4.1)
      activerecord (= 5.2.4.1)
      marcel (~> 0.3.1)
    activesupport (5.2.4.1)
      concurrent-ruby (~> 1.0, >= 1.0.2)
      i18n (>= 0.7, < 2)
      minitest (~> 5.1)
      tzinfo (~> 1.1)
    activevalidators (6.0.0)
      activemodel (>= 3.0)
      countries (>= 1.2, < 4.0)
      credit_card_validations (~> 3.2)
      date_validator
      mail
      phony (~> 2.0)
      rake
    acts-as-taggable-on (6.5.0)
      activerecord (>= 5.0, < 6.1)
    acts_as_list (1.0.0)
      activerecord (>= 4.2)
    acts_as_votable (0.12.1)
    addressable (2.7.0)
      public_suffix (>= 2.0.2, < 5.0)
    ancestry (3.0.7)
      activerecord (>= 3.2.0)
    animate-rails (1.0.10)
      rails
    ansi (1.5.0)
    archive-zip (0.12.0)
      io-like (~> 0.3.0)
    arel (9.0.0)
    ast (2.4.0)
    bcrypt (3.1.13)
    bindex (0.8.1)
    bootsnap (1.4.5)
      msgpack (~> 1.0)
    bootstrap3-datetimepicker-rails (4.17.47)
      momentjs-rails (>= 2.8.1)
    bootstrap_form (2.7.0)
    builder (3.2.4)
    bullet (6.1.0)
      activesupport (>= 3.0.0)
      uniform_notifier (~> 1.11)
    byebug (11.0.1)
    cancancan (3.0.1)
    capybara (3.30.0)
      addressable
      mini_mime (>= 0.1.3)
      nokogiri (~> 1.8)
      rack (>= 1.6.0)
      rack-test (>= 0.6.3)
      regexp_parser (~> 1.5)
      xpath (~> 3.2)
    character_set (1.4.0)
    childprocess (3.0.0)
    chromedriver-helper (2.1.1)
      archive-zip (~> 0.10)
      nokogiri (~> 1.8)
    chronic (0.10.2)
    ckeditor (4.3.0)
      orm_adapter (~> 0.5.0)
      terrapin
    client_side_validations (13.1.0)
      jquery-rails (~> 4.3)
      js_regex (~> 3.1)
      rails (>= 5.0.0.1, <= 6.0.0.beta3)
    climate_control (0.2.0)
    cocoon (1.2.14)
    coffee-rails (4.2.2)
      coffee-script (>= 2.2.0)
      railties (>= 4.0.0)
    coffee-script (2.4.1)
      coffee-script-source
      execjs
    coffee-script-source (1.12.2)
    commonjs (0.2.7)
    concurrent-ruby (1.1.5)
    cookiejar (0.3.3)
    countries (3.0.0)
      i18n_data (~> 0.8.0)
      sixarm_ruby_unaccent (~> 1.1)
      unicode_utils (~> 1.4)
    crass (1.0.6)
    credit_card_validations (3.5.1)
      activemodel (>= 3, <= 6.1)
      activesupport (>= 3, <= 6.1)
    css_parser (1.7.1)
      addressable
    date_validator (0.9.0)
      activemodel
      activesupport
    devise (4.7.1)
      bcrypt (~> 3.0)
      orm_adapter (~> 0.1)
      railties (>= 4.1.0)
      responders
      warden (~> 1.2.3)
    devise-i18n (1.8.0)
      devise (>= 4.6)
    diff-lcs (1.3)
    em-http-request (1.1.5)
      addressable (>= 2.3.4)
      cookiejar (!= 0.3.1)
      em-socksify (>= 0.3)
      eventmachine (>= 1.0.3)
      http_parser.rb (>= 0.6.0)
    em-socksify (0.3.2)
      eventmachine (>= 1.0.0.beta.4)
    erubi (1.9.0)
    erubis (2.7.0)
    eventmachine (1.2.7)
    exception_handler (0.6.5)
      bundler (~> 1.6)
      rails (>= 4.2.0)
      responders (~> 2.3)
    execjs (2.7.0)
    factory_bot (5.1.1)
      activesupport (>= 4.2.0)
    factory_bot_rails (5.1.1)
      factory_bot (~> 5.1.0)
      railties (>= 4.2.0)
    faker (1.9.3)
      i18n (>= 0.7)
    fancybox2-rails (0.2.7)
      railties (>= 3.1.0)
    faraday (0.17.3)
      multipart-post (>= 1.2, < 3)
    faraday_middleware (0.13.1)
      faraday (>= 0.7.4, < 1.0)
    faraday_middleware-multi_json (0.0.6)
      faraday_middleware
      multi_json
    faye (1.2.4)
      cookiejar (>= 0.3.0)
      em-http-request (>= 0.3.0)
      eventmachine (>= 0.12.0)
      faye-websocket (>= 0.9.1)
      multi_json (>= 1.0.0)
      rack (>= 1.0.0)
      websocket-driver (>= 0.5.1)
    faye-websocket (0.10.9)
      eventmachine (>= 0.12.0)
      websocket-driver (>= 0.5.1)
    ffi (1.12.1)
    font-awesome-rails (4.7.0.5)
      railties (>= 3.2, < 6.1)
    friendly_id (5.3.0)
      activerecord (>= 4.0.0)
    geocoder (1.6.0)
    globalid (0.4.2)
      activesupport (>= 4.2.0)
    haml (5.1.2)
      temple (>= 0.8.0)
      tilt
    haml-rails (2.0.1)
      actionpack (>= 5.1)
      activesupport (>= 5.1)
      haml (>= 4.0.6, < 6.0)
      html2haml (>= 1.0.1)
      railties (>= 5.1)
    hashie (3.6.0)
    high_voltage (3.1.2)
    html2haml (2.2.0)
      erubis (~> 2.7.0)
      haml (>= 4.0, < 6)
      nokogiri (>= 1.6.0)
      ruby_parser (~> 3.5)
    htmlentities (4.3.4)
    http_parser.rb (0.6.0)
    i18n (1.8.2)
      concurrent-ruby (~> 1.0)
    i18n_data (0.8.0)
    io-like (0.3.0)
    iso8601 (0.9.1)
    jbuilder (2.9.1)
      activesupport (>= 4.2.0)
    jquery-rails (4.3.5)
      rails-dom-testing (>= 1, < 3)
      railties (>= 4.2.0)
      thor (>= 0.14, < 2.0)
    jquery-ui-rails (6.0.1)
      railties (>= 3.2.16)
    js_regex (3.5.0)
      character_set (~> 1.4)
      regexp_parser (~> 1.6)
      regexp_property_values (~> 1.0)
    json (2.3.0)
    jwt (2.2.1)
    less (2.6.0)
      commonjs (~> 0.2.7)
    less-rails (2.8.0)
      actionpack (>= 4.0)
      less (~> 2.6.0)
      sprockets (> 2, < 4)
      tilt
    libv8 (3.16.14.19)
    listen (3.1.5)
      rb-fsevent (~> 0.9, >= 0.9.4)
      rb-inotify (~> 0.9, >= 0.9.7)
      ruby_dep (~> 1.2)
    loofah (2.4.0)
      crass (~> 1.0.2)
      nokogiri (>= 1.5.9)
    mail (2.7.1)
      mini_mime (>= 0.1.1)
    marcel (0.3.3)
      mimemagic (~> 0.3.2)
    memcache-client (1.8.5)
    meta-tags (2.13.0)
      actionpack (>= 3.2.0, < 6.1)
    method_source (0.9.2)
    mime-types (3.3.1)
      mime-types-data (~> 3.2015)
    mime-types-data (3.2019.1009)
    mimemagic (0.3.3)
    mini_mime (1.0.2)
    mini_portile2 (2.4.0)
    minitest (5.14.0)
    momentjs-rails (2.20.1)
      railties (>= 3.1)
    msgpack (1.3.1)
    multi_json (1.14.1)
    multi_xml (0.6.0)
    multipart-post (2.1.1)
    net_http_timeout_errors (0.3.5)
    nio4r (2.5.2)
    nokogiri (1.10.7)
      mini_portile2 (~> 2.4.0)
    oauth2 (1.4.2)
      faraday (>= 0.8, < 2.0)
      jwt (>= 1.0, < 3.0)
      multi_json (~> 1.3)
      multi_xml (~> 0.5)
      rack (>= 1.2, < 3)
    oga (3.2)
      ast
      ruby-ll (~> 2.1)
    oj (3.10.1)
    omniauth (1.9.0)
      hashie (>= 3.4.6, < 3.7.0)
      rack (>= 1.6.2, < 3)
    omniauth-oauth2 (1.6.0)
      oauth2 (~> 1.1)
      omniauth (~> 1.9)
    omniauth-vkontakte (1.5.1)
      omniauth-oauth2 (>= 1.5, <= 1.6)
    orm_adapter (0.5.0)
    pagy (2.1.3)
    paper_trail (10.3.1)
      activerecord (>= 4.2)
      request_store (~> 1.1)
    paperclip (6.1.0)
      activemodel (>= 4.2.0)
      activesupport (>= 4.2.0)
      mime-types
      mimemagic (~> 0.3.0)
      terrapin (~> 0.6.0)
    papercrop (0.3.0)
      jquery-rails
      paperclip (>= 3.4)
      rails (>= 3.1)
    pg (1.1.4)
    phony (2.18.12)
    premailer (1.11.1)
      addressable
      css_parser (>= 1.6.0)
      htmlentities (>= 4.0.0)
    premailer-rails (1.10.3)
      actionmailer (>= 3)
      premailer (~> 1.7, >= 1.7.9)
    public_suffix (4.0.3)
    puma (3.12.2)
    rack (2.1.1)
    rack-test (1.1.0)
      rack (>= 1.0, < 3)
    rails (5.2.4.1)
      actioncable (= 5.2.4.1)
      actionmailer (= 5.2.4.1)
      actionpack (= 5.2.4.1)
      actionview (= 5.2.4.1)
      activejob (= 5.2.4.1)
      activemodel (= 5.2.4.1)
      activerecord (= 5.2.4.1)
      activestorage (= 5.2.4.1)
      activesupport (= 5.2.4.1)
      bundler (>= 1.3.0)
      railties (= 5.2.4.1)
      sprockets-rails (>= 2.0.0)
    rails-controller-testing (1.0.4)
      actionpack (>= 5.0.1.x)
      actionview (>= 5.0.1.x)
      activesupport (>= 5.0.1.x)
    rails-dom-testing (2.0.3)
      activesupport (>= 4.2.0)
      nokogiri (>= 1.6)
    rails-html-sanitizer (1.3.0)
      loofah (~> 2.3)
    railties (5.2.4.1)
      actionpack (= 5.2.4.1)
      activesupport (= 5.2.4.1)
      method_source
      rake (>= 0.8.7)
      thor (>= 0.19.0, < 2.0)
    rake (13.0.1)
    ransack (2.1.1)
      actionpack (>= 5.0)
      activerecord (>= 5.0)
      activesupport (>= 5.0)
      i18n
    rb-fsevent (0.10.3)
    rb-inotify (0.10.1)
      ffi (~> 1.0)
    recaptcha (5.3.0)
      json
    record_tag_helper (1.0.1)
      actionview (>= 5)
    ref (2.0.0)
    regexp_parser (1.6.0)
    regexp_property_values (1.0.0)
    request_store (1.5.0)
      rack (>= 1.4)
    responders (2.4.1)
      actionpack (>= 4.2.0, < 6.0)
      railties (>= 4.2.0, < 6.0)
    rmagick (4.0.0)
    roboto (1.0.1)
      rails (>= 4.2)
    rspec-core (3.9.1)
      rspec-support (~> 3.9.1)
    rspec-expectations (3.9.0)
      diff-lcs (>= 1.2.0, < 2.0)
      rspec-support (~> 3.9.0)
    rspec-mocks (3.9.1)
      diff-lcs (>= 1.2.0, < 2.0)
      rspec-support (~> 3.9.0)
    rspec-rails (3.9.0)
      actionpack (>= 3.0)
      activesupport (>= 3.0)
      railties (>= 3.0)
      rspec-core (~> 3.9.0)
      rspec-expectations (~> 3.9.0)
      rspec-mocks (~> 3.9.0)
      rspec-support (~> 3.9.0)
    rspec-support (3.9.2)
    ruby-ll (2.1.2)
      ansi
      ast
    ruby_dep (1.5.0)
    ruby_parser (3.14.1)
      sexp_processor (~> 4.9)
    rubyzip (2.0.0)
    russian (0.6.0)
      i18n (>= 0.5.0)
    sass (3.7.4)
      sass-listen (~> 4.0.0)
    sass-listen (4.0.0)
      rb-fsevent (~> 0.9, >= 0.9.4)
      rb-inotify (~> 0.9, >= 0.9.7)
    sass-rails (5.1.0)
      railties (>= 5.2.0)
      sass (~> 3.1)
      sprockets (>= 2.8, < 4.0)
      sprockets-rails (>= 2.0, < 4.0)
      tilt (>= 1.1, < 3)
    select2-rails (4.0.3)
      thor (~> 0.14)
    selenium-webdriver (3.142.7)
      childprocess (>= 0.5, < 4.0)
      rubyzip (>= 1.2.2)
    sexp_processor (4.13.0)
    sitemap_generator (6.1.0)
      builder (~> 3.0)
    sixarm_ruby_unaccent (1.2.0)
    socialization (1.2.3)
      activerecord
    spring (2.1.0)
    spring-watcher-listen (2.0.1)
      listen (>= 2.7, < 4.0)
      spring (>= 1.2, < 3.0)
    sprockets (3.7.2)
      concurrent-ruby (~> 1.0)
      rack (> 1, < 3)
    sprockets-rails (3.2.1)
      actionpack (>= 4.0)
      activesupport (>= 4.0)
      sprockets (>= 3.0.0)
    temple (0.8.2)
    terrapin (0.6.0)
      climate_control (>= 0.0.3, < 1.0)
    therubyracer (0.12.3)
      libv8 (~> 3.16.14.15)
      ref
    thor (0.20.3)
    thread_safe (0.3.6)
    tilt (2.0.10)
    truncate_html (0.9.3)
    turbolinks (5.2.1)
      turbolinks-source (~> 5.2)
    turbolinks-source (5.2.0)
    twitter-bootstrap-rails (4.0.0)
      actionpack (~> 5.0, >= 5.0.1)
      execjs (~> 2.7)
      less-rails (~> 2.8, >= 2.8.0)
      railties (~> 5.0, >= 5.0.1)
    twitter-typeahead-rails (0.10.5)
      actionpack (>= 3.1)
      jquery-rails
      railties (>= 3.1)
    tzinfo (1.2.6)
      thread_safe (~> 0.1)
    uglifier (4.2.0)
      execjs (>= 0.3.0, < 3)
    unicode_utils (1.4.0)
    uniform_notifier (1.13.0)
    video_info (2.7.1)
      iso8601 (~> 0.9.1)
      net_http_timeout_errors (~> 0.3.0)
      oga (~> 3.0)
    vkontakte_api (1.4.4)
      faraday (>= 0.9.0)
      faraday_middleware (>= 0.9.1)
      faraday_middleware-multi_json (~> 0.0.6)
      hashie (>= 2.0)
      multi_json (>= 1.3)
      oauth2 (>= 0.8)
      oj (>= 2.12)
    warden (1.2.8)
      rack (>= 2.0.6)
    watu_table_builder (0.3.0)
    web-console (3.7.0)
      actionview (>= 5.0)
      activemodel (>= 5.0)
      bindex (>= 0.4.0)
      railties (>= 5.0)
    websocket-driver (0.7.1)
      websocket-extensions (>= 0.1.0)
    websocket-extensions (0.1.4)
    whenever (1.0.0)
      chronic (>= 0.6.3)
    xpath (3.2.0)
      nokogiri (~> 1.8)

PLATFORMS
  ruby

DEPENDENCIES
  actionview-encoded_mail_to
  activevalidators
  acts-as-taggable-on
  acts_as_list
  acts_as_votable
  addressable
  ancestry
  animate-rails
  bootsnap (>= 1.1.0)
  bootstrap3-datetimepicker-rails (~> 4.17.47)
  bootstrap_form (~> 2.7)
  bullet
  byebug
  cancancan
  capybara (>= 2.15)
  chromedriver-helper
  ckeditor
  client_side_validations
  cocoon
  coffee-rails (~> 4.2)
  devise
  devise-i18n
  exception_handler (~> 0.6.5)
  factory_bot_rails
  faker
  fancybox2-rails
  faye
  font-awesome-rails
  friendly_id
  geocoder
  haml-rails
  high_voltage
  i18n
  jbuilder (~> 2.5)
  jquery-rails
  jquery-ui-rails
  less-rails
  listen (>= 3.0.5, < 3.2)
  memcache-client
  meta-tags
  momentjs-rails (>= 2.9.0)
  nokogiri
  omniauth-vkontakte
  pagy
  paper_trail
  paperclip
  papercrop
  pg
  premailer-rails
  puma (~> 3.11)
  rails (~> 5.2.4, >= 5.2.4.1)
  rails-controller-testing
  ransack
  recaptcha
  record_tag_helper (~> 1.0)
  rmagick
  roboto
  rspec-rails
  russian
  sass-rails (~> 5.0)
  select2-rails
  selenium-webdriver
  sitemap_generator
  socialization
  spring
  spring-watcher-listen (~> 2.0.0)
  therubyracer
  truncate_html
  turbolinks (~> 5)
  twitter-bootstrap-rails
  twitter-typeahead-rails (= 0.10.5)
  tzinfo-data
  uglifier (>= 1.3.0)
  video_info
  vkontakte_api
  watu_table_builder
  web-console (>= 3.3.0)
  whenever

RUBY VERSION
   ruby 2.6.5p114

BUNDLED WITH
   1.17.3
